PATH
  remote: .
  specs:
    richard-cli (0.0.1)
      highline
      json
      rest-client
      terminal-table

GEM
  remote: https://rubygems.org/
  specs:
    highline (1.6.21)
    json (1.8.2)
    mime-types (2.4.3)
    netrc (0.10.2)
    rake (10.3.2)
    rest-client (1.7.2)
      mime-types (>= 1.16, < 3.0)
      netrc (~> 0.7)
    terminal-table (1.4.5)

PLATFORMS
  ruby

DEPENDENCIES
  bundler (~> 1.6)
  rake (~> 10.0)
  richard-cli!
